PATH
  remote: .
  specs:
    herbalist (0.1.0)
      alchemist (~> 0.1)
      numerizer (~> 0.2)

GEM
  remote: https://rubygems.org/
  specs:
    alchemist (0.1.7)
    numerizer (0.2.0)
    rake (10.3.1)

PLATFORMS
  ruby

DEPENDENCIES
  bundler (~> 1.6)
  herbalist!
  rake
